GIT
  remote: git://github.com/alphagov/oauth2-provider.git
  revision: 0a737a859cade7c3bc28703cb0d5118dbdb7993d
  specs:
    oauth2-provider (0.0.18)
      activesupport (~> 3.0)
      addressable (~> 2.2)

GEM
  remote: http://rubygems.org/
  specs:
    actionmailer (3.1.3)
      actionpack (= 3.1.3)
      mail (~> 2.3.0)
    actionpack (3.1.3)
      activemodel (= 3.1.3)
      activesupport (= 3.1.3)
      builder (~> 3.0.0)
      erubis (~> 2.7.0)
      i18n (~> 0.6)
      rack (~> 1.3.5)
      rack-cache (~> 1.1)
      rack-mount (~> 0.8.2)
      rack-test (~> 0.6.1)
      sprockets (~> 2.0.3)
    activemodel (3.1.3)
      activesupport (= 3.1.3)
      builder (~> 3.0.0)
      i18n (~> 0.6)
    activerecord (3.1.3)
      activemodel (= 3.1.3)
      activesupport (= 3.1.3)
      arel (~> 2.2.1)
      tzinfo (~> 0.3.29)
    activeresource (3.1.3)
      activemodel (= 3.1.3)
      activesupport (= 3.1.3)
    activesupport (3.1.3)
      multi_json (~> 1.0)
    addressable (2.2.6)
    arel (2.2.1)
    aws-ses (0.4.4)
      builder
      mail (> 2.2.5)
      mime-types
      xml-simple
    bcrypt-ruby (2.1.4)
    builder (3.0.0)
    ci_reporter (1.6.5)
      builder (>= 2.1.2)
    devise (1.3.4)
      bcrypt-ruby (~> 2.1.2)
      orm_adapter (~> 0.0.3)
      warden (~> 1.0.3)
    diff-lcs (1.1.3)
    erubis (2.7.0)
    formtastic (1.2.4)
      actionpack (>= 2.3.7)
      activesupport (>= 2.3.7)
      i18n (~> 0.4)
    hike (1.2.1)
    i18n (0.6.0)
    json (1.6.3)
    mail (2.3.0)
      i18n (>= 0.4.0)
      mime-types (~> 1.16)
      treetop (~> 1.4.8)
    mime-types (1.17.2)
    multi_json (1.0.4)
    mysql2 (0.3.7)
    orm_adapter (0.0.5)
    polyglot (0.3.3)
    rack (1.3.5)
    rack-cache (1.1)
      rack (>= 0.4)
    rack-mount (0.8.3)
      rack (>= 1.0.0)
    rack-ssl (1.3.2)
      rack
    rack-test (0.6.1)
      rack (>= 1.0)
    rails (3.1.3)
      actionmailer (= 3.1.3)
      actionpack (= 3.1.3)
      activerecord (= 3.1.3)
      activeresource (= 3.1.3)
      activesupport (= 3.1.3)
      bundler (~> 1.0)
      railties (= 3.1.3)
    railties (3.1.3)
      actionpack (= 3.1.3)
      activesupport (= 3.1.3)
      rack-ssl (~> 1.3.2)
      rake (>= 0.8.7)
      rdoc (~> 3.4)
      thor (~> 0.14.6)
    rake (0.9.2)
    rdoc (3.12)
      json (~> 1.4)
    rspec (2.6.0)
      rspec-core (~> 2.6.0)
      rspec-expectations (~> 2.6.0)
      rspec-mocks (~> 2.6.0)
    rspec-core (2.6.4)
    rspec-expectations (2.6.0)
      diff-lcs (~> 1.1.2)
    rspec-mocks (2.6.0)
    rspec-rails (2.6.1)
      actionpack (~> 3.0)
      activesupport (~> 3.0)
      railties (~> 3.0)
      rspec (~> 2.6.0)
    simplecov (0.4.2)
      simplecov-html (~> 0.4.4)
    simplecov-html (0.4.5)
    simplecov-rcov (0.2.3)
      simplecov (>= 0.4.1)
    sprockets (2.0.3)
      hike (~> 1.2)
      rack (~> 1.0)
      tilt (~> 1.1, != 1.3.0)
    sqlite3 (1.3.4)
    sqlite3-ruby (1.3.3)
      sqlite3 (>= 1.3.3)
    thor (0.14.6)
    tilt (1.3.3)
    treetop (1.4.10)
      polyglot
      polyglot (>= 0.3.1)
    tzinfo (0.3.31)
    warden (1.0.6)
      rack (>= 1.0)
    xml-simple (1.1.1)

PLATFORMS
  ruby

DEPENDENCIES
  aws-ses
  ci_reporter
  devise (~> 1.3.0)
  formtastic (~> 1.2.4)
  mysql2 (~> 0.3.0)
  oauth2-provider!
  rack (= 1.3.5)
  rails (~> 3.1.3)
  rake (= 0.9.2)
  rspec-rails (~> 2.6.0)
  simplecov (= 0.4.2)
  simplecov-rcov
  sqlite3-ruby
